PATH
  remote: .
  specs:
    faker (1.1.2)
      i18n (>= 0.5, < 2.0)

GEM
  remote: http://rubygems.org/
  specs:
    concurrent-ruby (1.1.7)
    i18n (1.8.7)
      concurrent-ruby (~> 1.0)
    rake (0.9.2.2)
    test-unit (2.4.5)

PLATFORMS
  ruby

DEPENDENCIES
  faker!
  rake
  test-unit
